PATH
  remote: .
  specs:
    checkout_to (0.1.0)

GEM
  remote: https://rubygems.org/
  specs:
    rake (12.3.3)

PLATFORMS
  ruby

DEPENDENCIES
  bundler (~> 1.17.3)
  checkout_to!
  rake (~> 12.3.3)

BUNDLED WITH
   1.17.3
